GEM
  remote: https://rubygems.org/
  specs:
    mini_portile2 (2.4.0)
    nokogiri (1.10.8)
      mini_portile2 (~> 2.4.0)
    nokogiri (1.10.8-java)
    pg (0.16.0)
    trollop (2.0)

PLATFORMS
  java
  ruby

DEPENDENCIES
  nokogiri
  pg
  trollop
